GEM
  remote: http://rubygems.org/
  specs:
    awesome_print (1.6.1)
    gems (0.8.3)

PLATFORMS
  ruby

DEPENDENCIES
  awesome_print
  gems

BUNDLED WITH
   1.10.6
